GEM
  remote: https://rubygems.org/
  specs:
    RubyInline (3.12.4)
      ZenTest (~> 4.3)
    ZenTest (4.11.1)
    coderay (1.1.2)
    fuzzy-string-match (1.0.1)
      RubyInline (>= 3.8.6)
    httparty (0.16.2)
      multi_xml (>= 0.5.2)
    method_source (0.9.0)
    multi_xml (0.6.0)
    pry (0.11.3)
      coderay (~> 1.1.0)
      method_source (~> 0.9.0)
    ruby-progressbar (1.10.0)

PLATFORMS
  ruby

DEPENDENCIES
  fuzzy-string-match
  httparty
  pry
  ruby-progressbar

BUNDLED WITH
   1.16.3
